STORAGE: NONE
RESTRICTION: || (== net461) (== net5.0) (== netcoreapp3.1) (== netstandard2.0)
NUGET
  remote: https://api.nuget.org/v3/index.json
    BenchmarkDotNet (0.12.1)
      BenchmarkDotNet.Annotations (>= 0.12.1) - restriction: || (&& (== net461) (>= netstandard2.0)) (== net5.0) (== netcoreapp3.1) (== netstandard2.0)
      CommandLineParser (>= 2.4.3) - restriction: || (&& (== net461) (>= netstandard2.0)) (== net5.0) (== netcoreapp3.1) (== netstandard2.0)
      Iced (>= 1.4) - restriction: || (&& (== net461) (>= netstandard2.0)) (== net5.0) (== netcoreapp3.1) (== netstandard2.0)
      Microsoft.CodeAnalysis.CSharp (>= 2.10) - restriction: || (&& (== net461) (>= netstandard2.0)) (== net5.0) (== netcoreapp3.1) (== netstandard2.0)
      Microsoft.Diagnostics.NETCore.Client (>= 0.2.61701) - restriction: || (&& (== net461) (>= netstandard2.0)) (== net5.0) (== netcoreapp3.1) (== netstandard2.0)
      Microsoft.Diagnostics.Runtime (>= 1.1.57604) - restriction: || (&& (== net461) (>= netstandard2.0)) (== net5.0) (== netcoreapp3.1) (== netstandard2.0)
      Microsoft.Diagnostics.Tracing.TraceEvent (>= 2.0.49) - restriction: || (&& (== net461) (>= netstandard2.0)) (== net5.0) (== netcoreapp3.1) (== netstandard2.0)
      Microsoft.DotNet.PlatformAbstractions (>= 2.1) - restriction: || (&& (== net461) (>= netstandard2.0)) (== net5.0) (== netcoreapp3.1) (== netstandard2.0)
      Microsoft.Win32.Registry (>= 4.5) - restriction: || (&& (== net461) (>= netstandard2.0)) (== net5.0) (== netcoreapp3.1) (== netstandard2.0)
      Perfolizer (>= 0.2.1) - restriction: || (&& (== net461) (>= netstandard2.0)) (== net5.0) (== netcoreapp3.1) (== netstandard2.0)
      System.Management (>= 4.5) - restriction: || (&& (== net461) (>= netstandard2.0)) (== net5.0) (== netcoreapp3.1) (== netstandard2.0)
      System.Reflection.Emit (>= 4.3) - restriction: || (&& (== net461) (>= netstandard2.0)) (== net5.0) (== netcoreapp3.1) (== netstandard2.0)
      System.Reflection.Emit.Lightweight (>= 4.3) - restriction: || (&& (== net461) (>= netstandard2.0)) (== net5.0) (== netcoreapp3.1) (== netstandard2.0)
      System.Threading.Tasks.Extensions (>= 4.5.2) - restriction: || (&& (== net461) (>= netstandard2.0)) (== net5.0) (== netcoreapp3.1) (== netstandard2.0)
      System.ValueTuple (>= 4.5) - restriction: || (&& (== net461) (>= netstandard2.0)) (== net5.0) (== netcoreapp3.1) (== netstandard2.0)
    BenchmarkDotNet.Annotations (0.12.1) - restriction: || (&& (== net461) (>= netstandard2.0)) (== net5.0) (== netcoreapp3.1) (== netstandard2.0)
    CommandLineParser (2.7.82) - restriction: || (&& (== net461) (>= netstandard2.0)) (== net5.0) (== netcoreapp3.1) (== netstandard2.0)
    DiffPlex (1.6.3)
    FsCheck (2.14.3)
      FSharp.Core (>= 4.2.3)
    FSharp.Core (4.6)
    Hopac (0.4.1)
      FSharp.Core (>= 4.5 < 5.0) - restriction: || (&& (== net461) (>= netstandard2.0)) (== net5.0) (== netcoreapp3.1) (== netstandard2.0)
    Iced (1.6) - restriction: || (&& (== net461) (>= netstandard2.0)) (== net5.0) (== netcoreapp3.1) (== netstandard2.0)
    Microsoft.CodeAnalysis.Analyzers (3.0) - restriction: || (&& (== net461) (>= netstandard2.0)) (== net5.0) (== netcoreapp3.1) (== netstandard2.0)
    Microsoft.CodeAnalysis.Common (3.5) - restriction: || (&& (== net461) (>= netstandard2.0)) (== net5.0) (== netcoreapp3.1) (== netstandard2.0)
      Microsoft.CodeAnalysis.Analyzers (>= 3.0.0-beta2.20059.3) - restriction: || (&& (== net461) (>= netstandard2.0)) (== net5.0) (== netcoreapp3.1) (== netstandard2.0)
      System.Collections.Immutable (>= 1.5) - restriction: || (&& (== net461) (>= netstandard2.0)) (== net5.0) (== netcoreapp3.1) (== netstandard2.0)
      System.Memory (>= 4.5.3) - restriction: || (&& (== net461) (>= netstandard2.0)) (== net5.0) (== netcoreapp3.1) (== netstandard2.0)
      System.Reflection.Metadata (>= 1.6) - restriction: || (&& (== net461) (>= netstandard2.0)) (== net5.0) (== netcoreapp3.1) (== netstandard2.0)
      System.Runtime.CompilerServices.Unsafe (>= 4.6) - restriction: || (&& (== net461) (>= netstandard2.0)) (== net5.0) (== netcoreapp3.1) (== netstandard2.0)
      System.Text.Encoding.CodePages (>= 4.5.1) - restriction: || (&& (== net461) (>= netstandard2.0)) (== net5.0) (== netcoreapp3.1) (== netstandard2.0)
      System.Threading.Tasks.Extensions (>= 4.5.3) - restriction: || (&& (== net461) (>= netstandard2.0)) (== net5.0) (== netcoreapp3.1) (== netstandard2.0)
    Microsoft.CodeAnalysis.CSharp (3.5) - restriction: || (&& (== net461) (>= netstandard2.0)) (== net5.0) (== netcoreapp3.1) (== netstandard2.0)
      Microsoft.CodeAnalysis.Common (3.5) - restriction: || (&& (== net461) (>= netstandard2.0)) (== net5.0) (== netcoreapp3.1) (== netstandard2.0)
    Microsoft.Diagnostics.NETCore.Client (0.2.61701) - restriction: || (&& (== net461) (>= netstandard2.0)) (== net5.0) (== netcoreapp3.1) (== netstandard2.0)
    Microsoft.Diagnostics.Runtime (1.1.116301) - restriction: || (&& (== net461) (>= netstandard2.0)) (== net5.0) (== netcoreapp3.1) (== netstandard2.0)
    Microsoft.Diagnostics.Tracing.TraceEvent (2.0.54) - restriction: || (&& (== net461) (>= netstandard2.0)) (== net5.0) (== netcoreapp3.1) (== netstandard2.0)
      System.Runtime.CompilerServices.Unsafe (>= 4.5.2)
    Microsoft.DotNet.PlatformAbstractions (3.1.3) - restriction: || (&& (== net461) (>= netstandard2.0)) (== net5.0) (== netcoreapp3.1) (== netstandard2.0)
    Microsoft.NETCore.Platforms (3.1) - restriction: || (&& (== net461) (>= netcoreapp2.0)) (== net5.0) (== netcoreapp3.1) (&& (== netstandard2.0) (>= netcoreapp2.0))
    Microsoft.Win32.Registry (4.7) - restriction: || (&& (== net461) (>= netcoreapp2.0)) (&& (== net461) (>= netstandard2.0)) (== net5.0) (== netcoreapp3.1) (== netstandard2.0)
      System.Buffers (>= 4.5) - restriction: || (&& (== net461) (== net5.0)) (&& (== net461) (== netcoreapp3.1)) (&& (== net461) (>= monoandroid)) (&& (== net461) (>= monotouch)) (&& (== net461) (< net46) (>= netstandard2.0)) (&& (== net461) (>= xamarinios)) (&& (== net461) (>= xamarinmac)) (&& (== net461) (>= xamarintvos)) (&& (== net461) (>= xamarinwatchos)) (&& (== net5.0) (>= monoandroid)) (&& (== net5.0) (>= monotouch)) (&& (== net5.0) (< netcoreapp2.0)) (&& (== net5.0) (>= xamarinios)) (&& (== net5.0) (>= xamarinmac)) (&& (== net5.0) (>= xamarintvos)) (&& (== net5.0) (>= xamarinwatchos)) (&& (== netcoreapp3.1) (>= monoandroid)) (&& (== netcoreapp3.1) (>= monotouch)) (&& (== netcoreapp3.1) (< netcoreapp2.0)) (&& (== netcoreapp3.1) (>= xamarinios)) (&& (== netcoreapp3.1) (>= xamarinmac)) (&& (== netcoreapp3.1) (>= xamarintvos)) (&& (== netcoreapp3.1) (>= xamarinwatchos)) (== netstandard2.0)
      System.Memory (>= 4.5.3) - restriction: || (&& (== net461) (== net5.0)) (&& (== net461) (== netcoreapp3.1)) (&& (== net461) (< net46) (>= netstandard2.0)) (&& (== net461) (>= netcoreapp2.0)) (&& (== net461) (>= uap10.1)) (&& (== net5.0) (< netcoreapp2.0)) (&& (== net5.0) (< netcoreapp2.1)) (&& (== net5.0) (>= uap10.1)) (&& (== netcoreapp3.1) (< netcoreapp2.0)) (&& (== netcoreapp3.1) (< netcoreapp2.1)) (&& (== netcoreapp3.1) (>= uap10.1)) (== netstandard2.0)
      System.Security.AccessControl (>= 4.7)
      System.Security.Principal.Windows (>= 4.7)
    Mono.Cecil (0.11.3)
    Perfolizer (0.2.1) - restriction: || (&& (== net461) (>= netstandard2.0)) (== net5.0) (== netcoreapp3.1) (== netstandard2.0)
      System.Memory (>= 4.5.3) - restriction: || (&& (== net461) (>= netstandard2.0)) (== net5.0) (== netcoreapp3.1) (== netstandard2.0)
    System.Buffers (4.5.1) - restriction: || (&& (== net461) (== net5.0)) (&& (== net461) (== netcoreapp3.1)) (&& (== net461) (>= monoandroid) (>= netstandard2.0)) (&& (== net461) (>= monotouch) (>= netstandard2.0)) (&& (== net461) (< net45) (>= netstandard2.0)) (&& (== net461) (< net46) (>= netstandard2.0)) (&& (== net461) (>= netcoreapp2.0)) (&& (== net461) (< netstandard1.1) (>= netstandard2.0)) (&& (== net461) (>= netstandard2.0) (>= uap10.1)) (&& (== net461) (>= netstandard2.0) (>= wpa81)) (&& (== net461) (>= netstandard2.0) (>= xamarintvos)) (&& (== net461) (>= netstandard2.0) (>= xamarinwatchos)) (&& (== net461) (>= xamarinios)) (&& (== net461) (>= xamarinmac)) (&& (== net5.0) (>= monoandroid)) (&& (== net5.0) (>= monotouch)) (&& (== net5.0) (>= net461)) (&& (== net5.0) (< netcoreapp2.0)) (&& (== net5.0) (< netstandard1.1)) (&& (== net5.0) (< netstandard2.0)) (&& (== net5.0) (>= uap10.1)) (&& (== net5.0) (>= xamarinios)) (&& (== net5.0) (>= xamarinmac)) (&& (== net5.0) (>= xamarintvos)) (&& (== net5.0) (>= xamarinwatchos)) (&& (== netcoreapp3.1) (>= monoandroid)) (&& (== netcoreapp3.1) (>= monotouch)) (&& (== netcoreapp3.1) (>= net461)) (&& (== netcoreapp3.1) (< netcoreapp2.0)) (&& (== netcoreapp3.1) (< netstandard1.1)) (&& (== netcoreapp3.1) (< netstandard2.0)) (&& (== netcoreapp3.1) (>= uap10.1)) (&& (== netcoreapp3.1) (>= xamarinios)) (&& (== netcoreapp3.1) (>= xamarinmac)) (&& (== netcoreapp3.1) (>= xamarintvos)) (&& (== netcoreapp3.1) (>= xamarinwatchos)) (== netstandard2.0)
    System.CodeDom (4.7) - restriction: || (&& (== net461) (< net45) (>= netstandard2.0)) (&& (== net461) (>= netcoreapp2.0)) (== net5.0) (== netcoreapp3.1) (== netstandard2.0)
    System.Collections.Immutable (1.7) - restriction: || (&& (== net461) (>= netstandard2.0)) (== net5.0) (== netcoreapp3.1) (== netstandard2.0)
      System.Memory (>= 4.5.3) - restriction: || (== net461) (&& (== net5.0) (>= net46)) (&& (== net5.0) (< netcoreapp2.1)) (&& (== net5.0) (< netstandard2.0)) (&& (== net5.0) (>= uap10.1)) (&& (== netcoreapp3.1) (>= net46)) (&& (== netcoreapp3.1) (< netcoreapp2.1)) (&& (== netcoreapp3.1) (< netstandard2.0)) (&& (== netcoreapp3.1) (>= uap10.1)) (== netstandard2.0)
    System.Management (4.7) - restriction: || (&& (== net461) (>= netstandard2.0)) (== net5.0) (== netcoreapp3.1) (== netstandard2.0)
      Microsoft.NETCore.Platforms (>= 3.1) - restriction: || (&& (== net461) (>= netcoreapp2.0)) (== net5.0) (== netcoreapp3.1) (&& (== netstandard2.0) (>= netcoreapp2.0))
      Microsoft.Win32.Registry (>= 4.7) - restriction: || (&& (== net461) (>= netcoreapp2.0)) (== net5.0) (== netcoreapp3.1) (&& (== netstandard2.0) (>= netcoreapp2.0))
      System.CodeDom (>= 4.7) - restriction: || (&& (== net461) (< net45) (>= netstandard2.0)) (&& (== net461) (>= netcoreapp2.0)) (== net5.0) (== netcoreapp3.1) (== netstandard2.0)
    System.Memory (4.5.4) - restriction: || (&& (== net461) (>= netcoreapp2.0)) (&& (== net461) (>= netstandard2.0)) (== net5.0) (== netcoreapp3.1) (== netstandard2.0)
      System.Buffers (>= 4.5.1) - restriction: || (== net461) (&& (== net5.0) (>= monoandroid)) (&& (== net5.0) (>= monotouch)) (&& (== net5.0) (>= net461)) (&& (== net5.0) (< netcoreapp2.0)) (&& (== net5.0) (< netstandard1.1)) (&& (== net5.0) (< netstandard2.0)) (&& (== net5.0) (>= xamarinios)) (&& (== net5.0) (>= xamarinmac)) (&& (== net5.0) (>= xamarintvos)) (&& (== net5.0) (>= xamarinwatchos)) (&& (== netcoreapp3.1) (>= monoandroid)) (&& (== netcoreapp3.1) (>= monotouch)) (&& (== netcoreapp3.1) (>= net461)) (&& (== netcoreapp3.1) (< netcoreapp2.0)) (&& (== netcoreapp3.1) (< netstandard1.1)) (&& (== netcoreapp3.1) (< netstandard2.0)) (&& (== netcoreapp3.1) (>= xamarinios)) (&& (== netcoreapp3.1) (>= xamarinmac)) (&& (== netcoreapp3.1) (>= xamarintvos)) (&& (== netcoreapp3.1) (>= xamarinwatchos)) (== netstandard2.0)
      System.Numerics.Vectors (>= 4.4) - restriction: || (&& (== net461) (== net5.0)) (&& (== net461) (== netcoreapp3.1)) (&& (== net461) (< net45) (>= netstandard2.0)) (&& (== net5.0) (< netcoreapp2.0)) (&& (== netcoreapp3.1) (< netcoreapp2.0)) (== netstandard2.0)
      System.Runtime.CompilerServices.Unsafe (>= 4.5.3) - restriction: || (== net461) (&& (== net5.0) (>= monoandroid)) (&& (== net5.0) (>= monotouch)) (&& (== net5.0) (>= net461)) (&& (== net5.0) (< netcoreapp2.0)) (&& (== net5.0) (< netcoreapp2.1)) (&& (== net5.0) (< netstandard1.1)) (&& (== net5.0) (< netstandard2.0)) (&& (== net5.0) (>= uap10.1)) (&& (== net5.0) (>= xamarinios)) (&& (== net5.0) (>= xamarinmac)) (&& (== net5.0) (>= xamarintvos)) (&& (== net5.0) (>= xamarinwatchos)) (&& (== netcoreapp3.1) (>= monoandroid)) (&& (== netcoreapp3.1) (>= monotouch)) (&& (== netcoreapp3.1) (>= net461)) (&& (== netcoreapp3.1) (< netcoreapp2.0)) (&& (== netcoreapp3.1) (< netcoreapp2.1)) (&& (== netcoreapp3.1) (< netstandard1.1)) (&& (== netcoreapp3.1) (< netstandard2.0)) (&& (== netcoreapp3.1) (>= uap10.1)) (&& (== netcoreapp3.1) (>= xamarinios)) (&& (== netcoreapp3.1) (>= xamarinmac)) (&& (== netcoreapp3.1) (>= xamarintvos)) (&& (== netcoreapp3.1) (>= xamarinwatchos)) (== netstandard2.0)
    System.Numerics.Vectors (4.5) - restriction: || (&& (== net461) (== net5.0)) (&& (== net461) (== netcoreapp3.1)) (&& (== net461) (< net45) (>= netstandard2.0)) (&& (== net461) (>= netcoreapp2.0)) (&& (== net461) (>= netstandard2.0) (>= uap10.1)) (&& (== net5.0) (< netcoreapp2.0)) (&& (== net5.0) (>= uap10.1)) (&& (== netcoreapp3.1) (< netcoreapp2.0)) (&& (== netcoreapp3.1) (>= uap10.1)) (== netstandard2.0)
    System.Reflection.Emit (4.7) - restriction: || (&& (== net461) (>= netstandard2.0)) (== net5.0) (== netcoreapp3.1) (== netstandard2.0)
      System.Reflection.Emit.ILGeneration (>= 4.7) - restriction: || (&& (== net461) (== net5.0)) (&& (== net461) (== netcoreapp3.1)) (&& (== net461) (< net45)) (&& (== net461) (< netstandard1.1)) (&& (== net461) (>= uap10.1)) (&& (== net461) (>= wpa81)) (&& (== net5.0) (< netcoreapp2.0) (< netstandard2.1)) (&& (== net5.0) (< netstandard1.1)) (&& (== net5.0) (< netstandard2.0)) (&& (== net5.0) (>= uap10.1)) (&& (== netcoreapp3.1) (< netcoreapp2.0) (< netstandard2.1)) (&& (== netcoreapp3.1) (< netstandard1.1)) (&& (== netcoreapp3.1) (< netstandard2.0)) (&& (== netcoreapp3.1) (>= uap10.1)) (== netstandard2.0)
    System.Reflection.Emit.ILGeneration (4.7) - restriction: || (&& (== net461) (== net5.0)) (&& (== net461) (== netcoreapp3.1)) (&& (== net461) (< net45) (>= netstandard2.0)) (&& (== net461) (< netstandard1.1) (>= netstandard2.0)) (&& (== net461) (>= netstandard2.0) (>= uap10.1)) (&& (== net461) (>= netstandard2.0) (>= wpa81)) (&& (== net5.0) (< netcoreapp2.0) (< netstandard2.1)) (&& (== net5.0) (< netstandard1.1)) (&& (== net5.0) (< netstandard2.0)) (&& (== net5.0) (>= uap10.1)) (&& (== netcoreapp3.1) (< netcoreapp2.0) (< netstandard2.1)) (&& (== netcoreapp3.1) (< netstandard1.1)) (&& (== netcoreapp3.1) (< netstandard2.0)) (&& (== netcoreapp3.1) (>= uap10.1)) (== netstandard2.0)
    System.Reflection.Emit.Lightweight (4.7) - restriction: || (&& (== net461) (>= netstandard2.0)) (== net5.0) (== netcoreapp3.1) (== netstandard2.0)
      System.Reflection.Emit.ILGeneration (>= 4.7) - restriction: || (&& (== net461) (== net5.0)) (&& (== net461) (== netcoreapp3.1)) (&& (== net461) (< net45)) (&& (== net461) (< portable-net45+wp8)) (&& (== net461) (>= uap10.1)) (&& (== net461) (>= wpa81)) (&& (== net5.0) (< netcoreapp2.0) (< netstandard2.1)) (&& (== net5.0) (< netstandard2.0)) (&& (== net5.0) (< portable-net45+wp8)) (&& (== net5.0) (>= uap10.1)) (&& (== netcoreapp3.1) (< netcoreapp2.0) (< netstandard2.1)) (&& (== netcoreapp3.1) (< netstandard2.0)) (&& (== netcoreapp3.1) (< portable-net45+wp8)) (&& (== netcoreapp3.1) (>= uap10.1)) (== netstandard2.0)
    System.Reflection.Metadata (1.8) - restriction: || (&& (== net461) (>= netstandard2.0)) (== net5.0) (== netcoreapp3.1) (== netstandard2.0)
      System.Collections.Immutable (>= 1.7) - restriction: || (== net461) (&& (== net5.0) (>= net45)) (&& (== net5.0) (< netcoreapp3.1)) (&& (== net5.0) (< netstandard1.1)) (&& (== net5.0) (< netstandard2.0)) (&& (== netcoreapp3.1) (>= net45)) (&& (== netcoreapp3.1) (< netstandard1.1)) (&& (== netcoreapp3.1) (< netstandard2.0)) (== netstandard2.0)
    System.Runtime.CompilerServices.Unsafe (4.7.1) - restriction: || (&& (== net461) (>= netcoreapp2.0)) (&& (== net461) (>= netstandard2.0)) (== net5.0) (== netcoreapp3.1) (== netstandard2.0)
    System.Security.AccessControl (4.7) - restriction: || (&& (== net461) (>= netcoreapp2.0)) (&& (== net461) (>= netstandard2.0)) (&& (== net461) (>= xamarinios)) (&& (== net461) (>= xamarinmac)) (== net5.0) (== netcoreapp3.1) (== netstandard2.0)
      Microsoft.NETCore.Platforms (>= 3.1) - restriction: || (&& (== net461) (>= netcoreapp2.0)) (== net5.0) (== netcoreapp3.1) (&& (== netstandard2.0) (>= netcoreapp2.0))
      System.Security.Principal.Windows (>= 4.7)
    System.Security.Principal.Windows (4.7) - restriction: || (&& (== net461) (>= netcoreapp2.0)) (&& (== net461) (>= netstandard2.0)) (&& (== net461) (>= xamarinios)) (&& (== net461) (>= xamarinmac)) (== net5.0) (== netcoreapp3.1) (== netstandard2.0)
    System.Text.Encoding.CodePages (4.7) - restriction: || (&& (== net461) (>= netstandard2.0)) (== net5.0) (== netcoreapp3.1) (== netstandard2.0)
      Microsoft.NETCore.Platforms (>= 3.1) - restriction: || (&& (== net461) (>= netcoreapp2.0)) (== net5.0) (== netcoreapp3.1) (&& (== netstandard2.0) (>= netcoreapp2.0))
      System.Runtime.CompilerServices.Unsafe (>= 4.7) - restriction: || (== net461) (&& (== net5.0) (>= net461)) (&& (== net5.0) (< netcoreapp2.0)) (&& (== net5.0) (< netcoreapp3.1)) (&& (== netcoreapp3.1) (>= net461)) (&& (== netcoreapp3.1) (< netcoreapp2.0)) (== netstandard2.0)
    System.Threading.Tasks.Extensions (4.5.4) - restriction: || (&& (== net461) (>= netstandard2.0)) (== net5.0) (== netcoreapp3.1) (== netstandard2.0)
      System.Runtime.CompilerServices.Unsafe (>= 4.5.3) - restriction: || (== net461) (&& (== net5.0) (>= net461)) (&& (== net5.0) (< netcoreapp2.1)) (&& (== net5.0) (< netstandard1.0)) (&& (== net5.0) (< netstandard2.0)) (&& (== net5.0) (>= wp8)) (&& (== netcoreapp3.1) (>= net461)) (&& (== netcoreapp3.1) (< netcoreapp2.1)) (&& (== netcoreapp3.1) (< netstandard1.0)) (&& (== netcoreapp3.1) (< netstandard2.0)) (&& (== netcoreapp3.1) (>= wp8)) (== netstandard2.0)
    System.ValueTuple (4.5) - restriction: || (&& (== net461) (>= netstandard2.0)) (== net5.0) (== netcoreapp3.1) (== netstandard2.0)

GROUP Build
STORAGE: NONE
RESTRICTION: == netstandard2.0
NUGET
  remote: https://api.nuget.org/v3/index.json
    BlackFox.VsWhere (1.1)
      FSharp.Core (>= 4.2.3)
      Microsoft.Win32.Registry (>= 4.7)
    Fake.Api.GitHub (5.20.3)
      FSharp.Core (>= 4.7.2)
      Octokit (>= 0.48)
    Fake.BuildServer.AppVeyor (5.20.3)
      Fake.Core.Environment (>= 5.20.3)
      Fake.Core.Process (>= 5.20.3)
      Fake.Core.String (>= 5.20.3)
      Fake.Core.Trace (>= 5.20.3)
      Fake.IO.FileSystem (>= 5.20.3)
      Fake.Net.Http (>= 5.20.3)
      FSharp.Core (>= 4.7.2)
    Fake.BuildServer.Travis (5.20.3)
      Fake.Core.Environment (>= 5.20.3)
      Fake.Core.Trace (>= 5.20.3)
      Fake.IO.FileSystem (>= 5.20.3)
      FSharp.Core (>= 4.7.2)
    Fake.Core.CommandLineParsing (5.20.4-alpha.1642)
      FParsec (>= 1.1.1)
      FSharp.Core (>= 4.7.2)
    Fake.Core.Context (5.20.4-alpha.1642)
      FSharp.Core (>= 4.7.2)
    Fake.Core.Environment (5.20.4-alpha.1642)
      FSharp.Core (>= 4.7.2)
    Fake.Core.FakeVar (5.20.4-alpha.1642)
      Fake.Core.Context (>= 5.20.4-alpha.1642)
      FSharp.Core (>= 4.7.2)
    Fake.Core.Process (5.20.4-alpha.1642)
      Fake.Core.Environment (>= 5.20.4-alpha.1642)
      Fake.Core.FakeVar (>= 5.20.4-alpha.1642)
      Fake.Core.String (>= 5.20.4-alpha.1642)
      Fake.Core.Trace (>= 5.20.4-alpha.1642)
      Fake.IO.FileSystem (>= 5.20.4-alpha.1642)
      FSharp.Core (>= 4.7.2)
      System.Collections.Immutable (>= 1.7.1)
    Fake.Core.ReleaseNotes (5.20.3)
      Fake.Core.SemVer (>= 5.20.3)
      Fake.Core.String (>= 5.20.3)
      FSharp.Core (>= 4.7.2)
    Fake.Core.SemVer (5.20.4-alpha.1642)
      FSharp.Core (>= 4.7.2)
    Fake.Core.String (5.20.4-alpha.1642)
      FSharp.Core (>= 4.7.2)
    Fake.Core.Target (5.20.4-alpha.1642)
      Fake.Core.CommandLineParsing (>= 5.20.4-alpha.1642)
      Fake.Core.Context (>= 5.20.4-alpha.1642)
      Fake.Core.Environment (>= 5.20.4-alpha.1642)
      Fake.Core.FakeVar (>= 5.20.4-alpha.1642)
      Fake.Core.Process (>= 5.20.4-alpha.1642)
      Fake.Core.String (>= 5.20.4-alpha.1642)
      Fake.Core.Trace (>= 5.20.4-alpha.1642)
      FSharp.Control.Reactive (>= 4.4.2)
      FSharp.Core (>= 4.7.2)
    Fake.Core.Tasks (5.20.4-alpha.1642)
      Fake.Core.Trace (>= 5.20.4-alpha.1642)
      FSharp.Core (>= 4.7.2)
    Fake.Core.Trace (5.20.4-alpha.1642)
      Fake.Core.Environment (>= 5.20.4-alpha.1642)
      Fake.Core.FakeVar (>= 5.20.4-alpha.1642)
      FSharp.Core (>= 4.7.2)
    Fake.Core.Xml (5.20.4-alpha.1642)
      Fake.Core.String (>= 5.20.4-alpha.1642)
      FSharp.Core (>= 4.7.2)
    Fake.DotNet.Cli (5.20.4-alpha.1642)
      Fake.Core.Environment (>= 5.20.4-alpha.1642)
      Fake.Core.Process (>= 5.20.4-alpha.1642)
      Fake.Core.String (>= 5.20.4-alpha.1642)
      Fake.Core.Trace (>= 5.20.4-alpha.1642)
      Fake.DotNet.MSBuild (>= 5.20.4-alpha.1642)
      Fake.DotNet.NuGet (>= 5.20.4-alpha.1642)
      Fake.IO.FileSystem (>= 5.20.4-alpha.1642)
      FSharp.Core (>= 4.7.2)
      Mono.Posix.NETStandard (>= 1.0)
      Newtonsoft.Json (>= 12.0.3)
    Fake.DotNet.MSBuild (5.20.4-alpha.1642)
      BlackFox.VsWhere (>= 1.1)
      Fake.Core.Environment (>= 5.20.4-alpha.1642)
      Fake.Core.Process (>= 5.20.4-alpha.1642)
      Fake.Core.String (>= 5.20.4-alpha.1642)
      Fake.Core.Trace (>= 5.20.4-alpha.1642)
      Fake.IO.FileSystem (>= 5.20.4-alpha.1642)
      FSharp.Core (>= 4.7.2)
      MSBuild.StructuredLogger (>= 2.1.507)
    Fake.DotNet.NuGet (5.20.4-alpha.1642)
      Fake.Core.Environment (>= 5.20.4-alpha.1642)
      Fake.Core.Process (>= 5.20.4-alpha.1642)
      Fake.Core.SemVer (>= 5.20.4-alpha.1642)
      Fake.Core.String (>= 5.20.4-alpha.1642)
      Fake.Core.Tasks (>= 5.20.4-alpha.1642)
      Fake.Core.Trace (>= 5.20.4-alpha.1642)
      Fake.Core.Xml (>= 5.20.4-alpha.1642)
      Fake.IO.FileSystem (>= 5.20.4-alpha.1642)
      Fake.Net.Http (>= 5.20.4-alpha.1642)
      FSharp.Core (>= 4.7.2)
      Newtonsoft.Json (>= 12.0.3)
      NuGet.Protocol (>= 5.6)
    Fake.DotNet.Paket (5.20.4-alpha.1642)
      Fake.Core.Process (>= 5.20.4-alpha.1642)
      Fake.Core.String (>= 5.20.4-alpha.1642)
      Fake.Core.Trace (>= 5.20.4-alpha.1642)
      Fake.DotNet.Cli (>= 5.20.4-alpha.1642)
      Fake.IO.FileSystem (>= 5.20.4-alpha.1642)
      FSharp.Core (>= 4.7.2)
    Fake.IO.FileSystem (5.20.4-alpha.1642)
      Fake.Core.String (>= 5.20.4-alpha.1642)
      FSharp.Core (>= 4.7.2)
    Fake.IO.Zip (5.20.3)
      Fake.Core.String (>= 5.20.3)
      Fake.IO.FileSystem (>= 5.20.3)
      FSharp.Core (>= 4.7.2)
    Fake.Net.Http (5.20.4-alpha.1642)
      Fake.Core.Trace (>= 5.20.4-alpha.1642)
      FSharp.Core (>= 4.7.2)
    Fake.Tools.Git (5.20.3)
      Fake.Core.Environment (>= 5.20.3)
      Fake.Core.Process (>= 5.20.3)
      Fake.Core.SemVer (>= 5.20.3)
      Fake.Core.String (>= 5.20.3)
      Fake.Core.Trace (>= 5.20.3)
      Fake.IO.FileSystem (>= 5.20.3)
      FSharp.Core (>= 4.7.2)
    Fake.Tools.Octo (5.20.3)
      Fake.Core.Environment (>= 5.20.3)
      Fake.Core.Process (>= 5.20.3)
      Fake.DotNet.Cli (>= 5.20.3)
      Fake.IO.FileSystem (>= 5.20.3)
      FSharp.Core (>= 4.7.2)
    FParsec (1.1.1)
      FSharp.Core (>= 4.3.4)
    FSharp.Control.Reactive (4.4.2)
      FSharp.Core (>= 4.7.2)
      System.Reactive (>= 4.4.1)
    FSharp.Core (5.0)
    Microsoft.Build (16.7)
    Microsoft.Build.Framework (16.7)
      System.Security.Permissions (>= 4.7)
    Microsoft.Build.Tasks.Core (16.7)
      Microsoft.Build.Framework (>= 16.7)
      Microsoft.Build.Utilities.Core (>= 16.7)
      Microsoft.Win32.Registry (>= 4.3)
      System.CodeDom (>= 4.4)
      System.Collections.Immutable (>= 1.5)
      System.Reflection.Metadata (>= 1.6)
      System.Reflection.TypeExtensions (>= 4.1)
      System.Resources.Extensions (>= 4.6)
      System.Security.Permissions (>= 4.7)
      System.Threading.Tasks.Dataflow (>= 4.9)
    Microsoft.Build.Utilities.Core (16.7)
      Microsoft.Build.Framework (>= 16.7)
      Microsoft.Win32.Registry (>= 4.3)
      System.Collections.Immutable (>= 1.5)
      System.Security.Permissions (>= 4.7)
      System.Text.Encoding.CodePages (>= 4.0.1)
    Microsoft.NETCore.Platforms (5.0)
    Microsoft.NETCore.Targets (5.0)
    Microsoft.Win32.Registry (5.0)
      System.Buffers (>= 4.5.1)
      System.Memory (>= 4.5.4)
      System.Security.AccessControl (>= 5.0)
      System.Security.Principal.Windows (>= 5.0)
    Mono.Posix.NETStandard (1.0)
    MSBuild.StructuredLogger (2.1.507)
      Microsoft.Build (>= 16.4)
      Microsoft.Build.Framework (>= 16.4)
      Microsoft.Build.Tasks.Core (>= 16.4)
      Microsoft.Build.Utilities.Core (>= 16.4)
    Newtonsoft.Json (12.0.3)
    NuGet.Common (5.8)
      NuGet.Frameworks (>= 5.8)
    NuGet.Configuration (5.8)
      NuGet.Common (>= 5.8)
      System.Security.Cryptography.ProtectedData (>= 4.4)
    NuGet.Frameworks (5.8)
    NuGet.Packaging (5.7)
      Newtonsoft.Json (>= 9.0.1)
      NuGet.Configuration (>= 5.7)
      NuGet.Versioning (>= 5.7)
      System.Dynamic.Runtime (>= 4.3)
      System.Security.Cryptography.Cng (>= 5.0.0-preview.3.20214.6)
      System.Security.Cryptography.Pkcs (>= 5.0.0-preview.3.20214.6)
    NuGet.Protocol (5.7)
      NuGet.Packaging (>= 5.7)
      System.Dynamic.Runtime (>= 4.3)
    NuGet.Versioning (5.8)
    Octokit (0.48)
    System.Buffers (4.5.1)
    System.CodeDom (5.0)
    System.Collections (4.3)
      Microsoft.NETCore.Platforms (>= 1.1)
      Microsoft.NETCore.Targets (>= 1.1)
      System.Runtime (>= 4.3)
    System.Collections.Immutable (5.0)
      System.Memory (>= 4.5.4)
    System.Diagnostics.Debug (4.3)
      Microsoft.NETCore.Platforms (>= 1.1)
      Microsoft.NETCore.Targets (>= 1.1)
      System.Runtime (>= 4.3)
    System.Dynamic.Runtime (4.3)
      System.Collections (>= 4.3)
      System.Diagnostics.Debug (>= 4.3)
      System.Linq (>= 4.3)
      System.Linq.Expressions (>= 4.3)
      System.ObjectModel (>= 4.3)
      System.Reflection (>= 4.3)
      System.Reflection.Emit (>= 4.3)
      System.Reflection.Emit.ILGeneration (>= 4.3)
      System.Reflection.Primitives (>= 4.3)
      System.Reflection.TypeExtensions (>= 4.3)
      System.Resources.ResourceManager (>= 4.3)
      System.Runtime (>= 4.3)
      System.Runtime.Extensions (>= 4.3)
      System.Threading (>= 4.3)
    System.Formats.Asn1 (5.0)
      System.Buffers (>= 4.5.1)
      System.Memory (>= 4.5.4)
    System.Globalization (4.3)
      Microsoft.NETCore.Platforms (>= 1.1)
      Microsoft.NETCore.Targets (>= 1.1)
      System.Runtime (>= 4.3)
    System.IO (4.3)
      Microsoft.NETCore.Platforms (>= 1.1)
      Microsoft.NETCore.Targets (>= 1.1)
      System.Runtime (>= 4.3)
      System.Text.Encoding (>= 4.3)
      System.Threading.Tasks (>= 4.3)
    System.Linq (4.3)
      System.Collections (>= 4.3)
      System.Diagnostics.Debug (>= 4.3)
      System.Resources.ResourceManager (>= 4.3)
      System.Runtime (>= 4.3)
      System.Runtime.Extensions (>= 4.3)
    System.Linq.Expressions (4.3)
      System.Collections (>= 4.3)
      System.Diagnostics.Debug (>= 4.3)
      System.Globalization (>= 4.3)
      System.IO (>= 4.3)
      System.Linq (>= 4.3)
      System.ObjectModel (>= 4.3)
      System.Reflection (>= 4.3)
      System.Reflection.Emit (>= 4.3)
      System.Reflection.Emit.ILGeneration (>= 4.3)
      System.Reflection.Emit.Lightweight (>= 4.3)
      System.Reflection.Extensions (>= 4.3)
      System.Reflection.Primitives (>= 4.3)
      System.Reflection.TypeExtensions (>= 4.3)
      System.Resources.ResourceManager (>= 4.3)
      System.Runtime (>= 4.3)
      System.Runtime.Extensions (>= 4.3)
      System.Threading (>= 4.3)
    System.Memory (4.5.4)
      System.Buffers (>= 4.5.1)
      System.Numerics.Vectors (>= 4.4)
      System.Runtime.CompilerServices.Unsafe (>= 4.5.3)
    System.Numerics.Vectors (4.5)
    System.ObjectModel (4.3)
      System.Collections (>= 4.3)
      System.Diagnostics.Debug (>= 4.3)
      System.Resources.ResourceManager (>= 4.3)
      System.Runtime (>= 4.3)
      System.Threading (>= 4.3)
    System.Reactive (5.0)
      System.Runtime.InteropServices.WindowsRuntime (>= 4.3)
      System.Threading.Tasks.Extensions (>= 4.5.4)
    System.Reflection (4.3)
      Microsoft.NETCore.Platforms (>= 1.1)
      Microsoft.NETCore.Targets (>= 1.1)
      System.IO (>= 4.3)
      System.Reflection.Primitives (>= 4.3)
      System.Runtime (>= 4.3)
    System.Reflection.Emit (4.7)
      System.Reflection.Emit.ILGeneration (>= 4.7)
    System.Reflection.Emit.ILGeneration (4.7)
    System.Reflection.Emit.Lightweight (4.7)
      System.Reflection.Emit.ILGeneration (>= 4.7)
    System.Reflection.Extensions (4.3)
      Microsoft.NETCore.Platforms (>= 1.1)
      Microsoft.NETCore.Targets (>= 1.1)
      System.Reflection (>= 4.3)
      System.Runtime (>= 4.3)
    System.Reflection.Metadata (5.0)
      System.Collections.Immutable (>= 5.0)
    System.Reflection.Primitives (4.3)
      Microsoft.NETCore.Platforms (>= 1.1)
      Microsoft.NETCore.Targets (>= 1.1)
      System.Runtime (>= 4.3)
    System.Reflection.TypeExtensions (4.7)
    System.Resources.Extensions (5.0)
      System.Memory (>= 4.5.4)
    System.Resources.ResourceManager (4.3)
      Microsoft.NETCore.Platforms (>= 1.1)
      Microsoft.NETCore.Targets (>= 1.1)
      System.Globalization (>= 4.3)
      System.Reflection (>= 4.3)
      System.Runtime (>= 4.3)
    System.Runtime (4.3.1)
      Microsoft.NETCore.Platforms (>= 1.1.1)
      Microsoft.NETCore.Targets (>= 1.1.3)
    System.Runtime.CompilerServices.Unsafe (5.0)
    System.Runtime.Extensions (4.3.1)
      Microsoft.NETCore.Platforms (>= 1.1.1)
      Microsoft.NETCore.Targets (>= 1.1.3)
      System.Runtime (>= 4.3.1)
    System.Runtime.InteropServices.WindowsRuntime (4.3)
      System.Runtime (>= 4.3)
    System.Security.AccessControl (5.0)
      System.Security.Principal.Windows (>= 5.0)
    System.Security.Cryptography.Cng (5.0)
    System.Security.Cryptography.Pkcs (5.0)
      System.Buffers (>= 4.5.1)
      System.Formats.Asn1 (>= 5.0)
      System.Memory (>= 4.5.4)
      System.Security.Cryptography.Cng (>= 5.0)
    System.Security.Cryptography.ProtectedData (5.0)
      System.Memory (>= 4.5.4)
    System.Security.Permissions (5.0)
      System.Security.AccessControl (>= 5.0)
    System.Security.Principal.Windows (5.0)
    System.Text.Encoding (4.3)
      Microsoft.NETCore.Platforms (>= 1.1)
      Microsoft.NETCore.Targets (>= 1.1)
      System.Runtime (>= 4.3)
    System.Text.Encoding.CodePages (5.0)
      System.Runtime.CompilerServices.Unsafe (>= 5.0)
    System.Threading (4.3)
      System.Runtime (>= 4.3)
      System.Threading.Tasks (>= 4.3)
    System.Threading.Tasks (4.3)
      Microsoft.NETCore.Platforms (>= 1.1)
      Microsoft.NETCore.Targets (>= 1.1)
      System.Runtime (>= 4.3)
    System.Threading.Tasks.Dataflow (5.0)
    System.Threading.Tasks.Extensions (4.5.4)
      System.Runtime.CompilerServices.Unsafe (>= 4.5.3)
GITHUB
  remote: eiriktsarpalis/snippets
    SlnTools/SlnTools.fs (aedb8f93437634d70afac26576acb88e3a88050d)
GROUP FsCheck3
NUGET
  remote: https://api.nuget.org/v3/index.json
    FsCheck (3.0.0-beta2)
      FSharp.Core (>= 4.5) - restriction: >= netstandard2.0
    FSharp.Core (7.0.200) - restriction: >= netstandard2.0
